PATH
  remote: .
  specs:
    voom-presenters (0.1.10)
      dry-configurable (> 0.1, <= 7.0)
      dry-container (~> 0.6)
      dry-inflector (~> 0.1)
      ice_nine (~> 0.11)
      redcarpet (~> 3.4)
      sinatra (>= 1.4, < 3.0)
      tzinfo (~> 1.2)
      tzinfo-data (~> 1.2018)

GEM
  remote: https://rubygems.org/
  specs:
    childprocess (0.9.0)
      ffi (~> 1.0, >= 1.0.11)
    coderay (1.1.1)
    concurrent-ruby (1.0.5)
    diff-lcs (1.2.5)
    docile (1.1.5)
    dry-configurable (0.7.0)
      concurrent-ruby (~> 1.0)
    dry-container (0.6.0)
      concurrent-ruby (~> 1.0)
      dry-configurable (~> 0.1, >= 0.1.3)
    dry-inflector (0.1.2)
    ffi (1.9.23)
    ice_nine (0.11.2)
    json (2.1.0)
    method_source (0.8.2)
    mini_portile2 (2.3.0)
    mustermann (1.0.2)
    nokogiri (1.8.2)
      mini_portile2 (~> 2.3.0)
    pry (0.10.4)
      coderay (~> 1.1.0)
      method_source (~> 0.8.1)
      slop (~> 3.4)
    rack (2.0.5)
    rack-protection (2.0.3)
      rack
    rack-test (0.8.2)
      rack (>= 1.0, < 3)
    rake (11.3.0)
    redcarpet (3.4.0)
    rspec (3.5.0)
      rspec-core (~> 3.5.0)
      rspec-expectations (~> 3.5.0)
      rspec-mocks (~> 3.5.0)
    rspec-core (3.5.4)
      rspec-support (~> 3.5.0)
    rspec-expectations (3.5.0)
      diff-lcs (>= 1.2.0, < 2.0)
      rspec-support (~> 3.5.0)
    rspec-html-matchers (0.9.1)
      nokogiri (~> 1)
      rspec (>= 3.0.0.a, < 4)
    rspec-mocks (3.5.0)
      diff-lcs (>= 1.2.0, < 2.0)
      rspec-support (~> 3.5.0)
    rspec-support (3.5.0)
    rspec_junit_formatter (0.3.0)
      rspec-core (>= 2, < 4, != 2.12.0)
    rubyzip (1.2.1)
    selenium-webdriver (3.11.0)
      childprocess (~> 0.5)
      rubyzip (~> 1.2)
    simplecov (0.15.1)
      docile (~> 1.1.0)
      json (>= 1.8, < 3)
      simplecov-html (~> 0.10.0)
    simplecov-html (0.10.2)
    sinatra (2.0.3)
      mustermann (~> 1.0)
      rack (~> 2.0)
      rack-protection (= 2.0.3)
      tilt (~> 2.0)
    slop (3.6.0)
    thread_safe (0.3.6)
    tilt (2.0.8)
    tzinfo (1.2.5)
      thread_safe (~> 0.1)
    tzinfo-data (1.2018.5)
      tzinfo (>= 1.0.0)
    watir (6.10.3)
      selenium-webdriver (~> 3.4, >= 3.4.1)
    watir-rspec (3.0.0)
      rspec (~> 3.0)
      watir (>= 6.0.0.beta4)
    webdrivers (3.2.4)
      nokogiri (~> 1.6)
      rubyzip (~> 1.0)
      selenium-webdriver (~> 3.0)

PLATFORMS
  ruby

DEPENDENCIES
  bundler (~> 1.13)
  pry (~> 0.10)
  rack-test (~> 0.8)
  rake (~> 11.3)
  rspec
  rspec-html-matchers
  rspec_junit_formatter
  simplecov
  voom-presenters!
  watir (~> 6.10.3)
  watir-rspec
  webdrivers (~> 3.0)

RUBY VERSION
   ruby 2.5.0p0

BUNDLED WITH
   1.16.1
